PATH
  remote: .
  specs:
    clerk-sdk-ruby (2.11.1)
      concurrent-ruby (~> 1.1)
      faraday (>= 1.4.1, < 3.0)
      jwt (~> 2.5)

GEM
  remote: https://rubygems.org/
  specs:
    base64 (0.1.1)
    byebug (11.1.3)
    concurrent-ruby (1.2.2)
    faraday (2.7.11)
      base64
      faraday-net_http (>= 2.0, < 3.1)
      ruby2_keywords (>= 0.0.4)
    faraday-net_http (3.0.2)
    jwt (2.7.1)
    minitest (5.20.0)
    rake (13.1.0)
    ruby2_keywords (0.0.5)
    timecop (0.9.8)

PLATFORMS
  arm64-darwin-22
  universal-darwin-21
  x86_64-linux

DEPENDENCIES
  byebug (~> 11.1)
  clerk-sdk-ruby!
  minitest (~> 5.0)
  rake (~> 13.0)
  timecop (~> 0.9.4)

BUNDLED WITH
   2.3.25
