PATH
  remote: .
  specs:
    clerk-sdk-ruby (2.9.0.beta2)
      concurrent-ruby (~> 1.1)
      faraday (~> 1.4.1)
      jwt (~> 2.5)

GEM
  remote: https://rubygems.org/
  specs:
    byebug (11.1.3)
    concurrent-ruby (1.1.10)
    faraday (1.4.3)
      faraday-em_http (~> 1.0)
      faraday-em_synchrony (~> 1.0)
      faraday-excon (~> 1.1)
      faraday-net_http (~> 1.0)
      faraday-net_http_persistent (~> 1.1)
      multipart-post (>= 1.2, < 3)
      ruby2_keywords (>= 0.0.4)
    faraday-em_http (1.0.0)
    faraday-em_synchrony (1.0.0)
    faraday-excon (1.1.0)
    faraday-net_http (1.0.1)
    faraday-net_http_persistent (1.2.0)
    jwt (2.6.0)
    minitest (5.17.0)
    multipart-post (2.2.3)
    rake (13.0.6)
    ruby2_keywords (0.0.5)
    timecop (0.9.6)

PLATFORMS
  universal-darwin-21
  x86_64-linux

DEPENDENCIES
  byebug (~> 11.1)
  clerk-sdk-ruby!
  minitest (~> 5.0)
  rake (~> 13.0)
  timecop (~> 0.9.4)

BUNDLED WITH
   2.3.25
