PATH
  remote: .
  specs:
    clerk-sdk-ruby (4.2.1)
      clerk-http-client (~> 2.0)
      concurrent-ruby (~> 1.1)
      faraday (>= 1.4.1, < 3.0)
      jwt (~> 2.5)

GEM
  remote: https://rubygems.org/
  specs:
    actionpack (8.0.1)
      actionview (= 8.0.1)
      activesupport (= 8.0.1)
      nokogiri (>= 1.8.5)
      rack (>= 2.2.4)
      rack-session (>= 1.0.1)
      rack-test (>= 0.6.3)
      rails-dom-testing (~> 2.2)
      rails-html-sanitizer (~> 1.6)
      useragent (~> 0.16)
    actionview (8.0.1)
      activesupport (= 8.0.1)
      builder (~> 3.1)
      erubi (~> 1.11)
      rails-dom-testing (~> 2.2)
      rails-html-sanitizer (~> 1.6)
    activesupport (8.0.1)
      base64
      benchmark (>= 0.3)
      bigdecimal
      concurrent-ruby (~> 1.0, >= 1.3.1)
      connection_pool (>= 2.2.5)
      drb
      i18n (>= 1.6, < 2)
      logger (>= 1.4.2)
      minitest (>= 5.1)
      securerandom (>= 0.3)
      tzinfo (~> 2.0, >= 2.0.5)
      uri (>= 0.13.1)
    ast (2.4.2)
    base64 (0.2.0)
    benchmark (0.4.0)
    bigdecimal (3.1.9)
    builder (3.3.0)
    byebug (11.1.3)
    clerk-http-client (2.0.0)
      faraday (>= 1.0.1, < 3.0)
      faraday-multipart
      marcel
    climate_control (1.2.0)
    coderay (1.1.3)
    concurrent-ruby (1.3.4)
    connection_pool (2.4.1)
    crass (1.0.6)
    date (3.4.1)
    diff-lcs (1.5.1)
    docile (1.4.1)
    dotenv (3.1.7)
    drb (2.2.1)
    erubi (1.13.1)
    faraday (2.12.2)
      faraday-net_http (>= 2.0, < 3.5)
      json
      logger
    faraday-multipart (1.1.0)
      multipart-post (~> 2.0)
    faraday-net_http (3.4.0)
      net-http (>= 0.5.0)
    ffi (1.17.1-arm64-darwin)
    ffi (1.17.1-x86_64-linux-gnu)
    formatador (1.1.0)
    guard (2.19.1)
      formatador (>= 0.2.4)
      listen (>= 2.7, < 4.0)
      logger (~> 1.6)
      lumberjack (>= 1.0.12, < 2.0)
      nenv (~> 0.1)
      notiffany (~> 0.0)
      ostruct (~> 0.6)
      pry (>= 0.13.0)
      shellany (~> 0.0)
      thor (>= 0.18.1)
    guard-compat (1.2.1)
    guard-rake (1.0.0)
      guard
      rake
    guard-rspec (4.7.3)
      guard (~> 2.1)
      guard-compat (~> 1.1)
      rspec (>= 2.99.0, < 4.0)
    i18n (1.14.6)
      concurrent-ruby (~> 1.0)
    io-console (0.8.0)
    irb (1.14.3)
      rdoc (>= 4.0.0)
      reline (>= 0.4.2)
    json (2.9.1)
    jwt (2.10.1)
      base64
    language_server-protocol (3.17.0.3)
    lint_roller (1.1.0)
    listen (3.9.0)
      rb-fsevent (~> 0.10, >= 0.10.3)
      rb-inotify (~> 0.9, >= 0.9.10)
    logger (1.6.4)
    loofah (2.24.0)
      crass (~> 1.0.2)
      nokogiri (>= 1.12.0)
    lumberjack (1.2.10)
    marcel (1.0.4)
    method_source (1.1.0)
    minitest (5.25.4)
    multipart-post (2.4.1)
    mustermann (3.0.3)
      ruby2_keywords (~> 0.0.1)
    nenv (0.3.0)
    net-http (0.6.0)
      uri
    nio4r (2.7.4)
    nokogiri (1.18.1-arm64-darwin)
      racc (~> 1.4)
    nokogiri (1.18.1-x86_64-darwin)
      racc (~> 1.4)
    nokogiri (1.18.1-x86_64-linux-gnu)
      racc (~> 1.4)
    notiffany (0.1.3)
      nenv (~> 0.1)
      shellany (~> 0.0)
    ostruct (0.6.1)
    parallel (1.26.3)
    parser (3.3.8.0)
      ast (~> 2.4.1)
      racc
    prism (1.4.0)
    pry (0.15.2)
      coderay (~> 1.1)
      method_source (~> 1.0)
    psych (5.2.2)
      date
      stringio
    puma (6.5.0)
      nio4r (~> 2.0)
    racc (1.8.1)
    rack (3.1.15)
    rack-protection (4.1.1)
      base64 (>= 0.1.0)
      logger (>= 1.6.0)
      rack (>= 3.0.0, < 4)
    rack-session (2.1.0)
      base64 (>= 0.1.0)
      rack (>= 3.0.0)
    rack-test (2.2.0)
      rack (>= 1.3)
    rackup (2.2.1)
      rack (>= 3)
    rails-dom-testing (2.2.0)
      activesupport (>= 5.0.0)
      minitest
      nokogiri (>= 1.6)
    rails-html-sanitizer (1.6.2)
      loofah (~> 2.21)
      nokogiri (>= 1.15.7, != 1.16.7, != 1.16.6, != 1.16.5, != 1.16.4, != 1.16.3, != 1.16.2, != 1.16.1, != 1.16.0.rc1, != 1.16.0)
    railties (8.0.1)
      actionpack (= 8.0.1)
      activesupport (= 8.0.1)
      irb (~> 1.13)
      rackup (>= 1.0.0)
      rake (>= 12.2)
      thor (~> 1.0, >= 1.2.2)
      zeitwerk (~> 2.6)
    rainbow (3.1.1)
    rake (13.2.1)
    rb-fsevent (0.11.2)
    rb-inotify (0.11.1)
      ffi (~> 1.0)
    rbs (3.8.1)
      logger
    rdoc (6.10.0)
      psych (>= 4.0.0)
    regexp_parser (2.10.0)
    reline (0.6.0)
      io-console (~> 0.5)
    rerun (0.14.0)
      listen (~> 3.0)
    rspec (3.13.0)
      rspec-core (~> 3.13.0)
      rspec-expectations (~> 3.13.0)
      rspec-mocks (~> 3.13.0)
    rspec-core (3.13.2)
      rspec-support (~> 3.13.0)
    rspec-expectations (3.13.3)
      diff-lcs (>= 1.2.0, < 2.0)
      rspec-support (~> 3.13.0)
    rspec-mocks (3.13.2)
      diff-lcs (>= 1.2.0, < 2.0)
      rspec-support (~> 3.13.0)
    rspec-rails (7.1.0)
      actionpack (>= 7.0)
      activesupport (>= 7.0)
      railties (>= 7.0)
      rspec-core (~> 3.13)
      rspec-expectations (~> 3.13)
      rspec-mocks (~> 3.13)
      rspec-support (~> 3.13)
    rspec-support (3.13.2)
    rubocop (1.75.6)
      json (~> 2.3)
      language_server-protocol (~> 3.17.0.2)
      lint_roller (~> 1.1.0)
      parallel (~> 1.10)
      parser (>= 3.3.0.2)
      rainbow (>= 2.2.2, < 4.0)
      regexp_parser (>= 2.9.3, < 3.0)
      rubocop-ast (>= 1.44.0, < 2.0)
      ruby-progressbar (~> 1.7)
      unicode-display_width (>= 2.4.0, < 4.0)
    rubocop-ast (1.44.1)
      parser (>= 3.3.7.2)
      prism (~> 1.4)
    rubocop-performance (1.25.0)
      lint_roller (~> 1.1)
      rubocop (>= 1.75.0, < 2.0)
      rubocop-ast (>= 1.38.0, < 2.0)
    ruby-progressbar (1.13.0)
    ruby2_keywords (0.0.5)
    securerandom (0.4.1)
    shellany (0.0.1)
    simplecov (0.22.0)
      docile (~> 1.1)
      simplecov-html (~> 0.11)
      simplecov_json_formatter (~> 0.1)
    simplecov-html (0.13.1)
    simplecov_json_formatter (0.1.4)
    sinatra (4.1.1)
      logger (>= 1.6.0)
      mustermann (~> 3.0)
      rack (>= 3.0.0, < 4)
      rack-protection (= 4.1.1)
      rack-session (>= 2.0.0, < 3)
      tilt (~> 2.0)
    standard (1.50.0)
      language_server-protocol (~> 3.17.0.2)
      lint_roller (~> 1.0)
      rubocop (~> 1.75.5)
      standard-custom (~> 1.0.0)
      standard-performance (~> 1.8)
    standard-custom (1.0.2)
      lint_roller (~> 1.0)
      rubocop (~> 1.50)
    standard-performance (1.8.0)
      lint_roller (~> 1.1)
      rubocop-performance (~> 1.25.0)
    stringio (3.1.2)
    thor (1.3.2)
    tilt (2.5.0)
    timecop (0.9.10)
    tzinfo (2.0.6)
      concurrent-ruby (~> 1.0)
    unicode-display_width (3.1.3)
      unicode-emoji (~> 4.0, >= 4.0.4)
    unicode-emoji (4.0.4)
    uri (1.0.2)
    useragent (0.16.11)
    zeitwerk (2.7.1)

PLATFORMS
  arm64-darwin-22
  arm64-darwin-23
  arm64-darwin-24
  universal-darwin-21
  x86_64-linux

DEPENDENCIES
  activesupport (~> 8.0)
  byebug (~> 11.1)
  clerk-sdk-ruby!
  climate_control
  dotenv (~> 3.1)
  guard-rake (~> 1.0)
  guard-rspec (~> 4.7)
  puma (~> 6.4, >= 6.4.3)
  rack (~> 3.1, >= 3.1.14)
  rackup (~> 2.2)
  rake (~> 13.0)
  rb-fsevent (~> 0.11, >= 0.11.2)
  rbs (~> 3.6)
  rerun (~> 0.14)
  rspec (~> 3.0)
  rspec-rails (~> 7.1)
  simplecov
  sinatra (~> 4.1, >= 4.1.1)
  standard (~> 1.42)
  timecop (~> 0.9.4)
  wdm (~> 0.2)

BUNDLED WITH
   2.6.2
